PATH
  remote: .
  specs:
    roust (1.7.2)
      activesupport (= 4.0.10)
      httparty (>= 0.13.1)
      mail (>= 2.5.4)

GEM
  remote: https://rubygems.org/
  specs:
    activesupport (4.0.10)
      i18n (~> 0.6, >= 0.6.9)
      minitest (~> 4.2)
      multi_json (~> 1.3)
      thread_safe (~> 0.1)
      tzinfo (~> 0.3.37)
    addressable (2.3.5)
    ast (2.0.0)
    coderay (1.0.9)
    colorize (0.5.8)
    crack (0.4.1)
      safe_yaml (~> 0.9.0)
    diff-lcs (1.2.5)
    httparty (0.13.1)
      json (~> 1.8)
      multi_xml (>= 0.5.2)
    i18n (0.6.11)
    json (1.8.1)
    mail (2.6.1)
      mime-types (>= 1.16, < 3)
    method_source (0.8.2)
    mime-types (2.3)
    minitest (4.7.5)
    multi_json (1.10.1)
    multi_xml (0.5.5)
    parser (2.2.0.pre.3)
      ast (>= 1.1, < 3.0)
      slop (~> 3.4, >= 3.4.5)
    powerpack (0.0.9)
    pry (0.9.12.2)
      coderay (~> 1.0.5)
      method_source (~> 0.8)
      slop (~> 3.4)
    rainbow (2.0.0)
    rake (10.1.0)
    rspec (3.1.0)
      rspec-core (~> 3.1.0)
      rspec-expectations (~> 3.1.0)
      rspec-mocks (~> 3.1.0)
    rspec-core (3.1.1)
      rspec-support (~> 3.1.0)
    rspec-expectations (3.1.0)
      diff-lcs (>= 1.2.0, < 2.0)
      rspec-support (~> 3.1.0)
    rspec-mocks (3.1.0)
      rspec-support (~> 3.1.0)
    rspec-support (3.1.0)
    rubocop (0.24.1)
      json (>= 1.7.7, < 2)
      parser (>= 2.2.0.pre.3, < 3.0)
      powerpack (~> 0.0.6)
      rainbow (>= 1.99.1, < 3.0)
      ruby-progressbar (~> 1.4)
    ruby-progressbar (1.5.1)
    safe_yaml (0.9.7)
    slop (3.5.0)
    thread_safe (0.3.4)
    tzinfo (0.3.41)
    webmock (1.17.1)
      addressable (>= 2.2.7)
      crack (>= 0.3.2)

PLATFORMS
  ruby

DEPENDENCIES
  colorize
  pry
  rake
  roust!
  rspec
  rubocop
  webmock
