PATH
  remote: .
  specs:
    rt-client (0.5.0)
      archive-tar-minitar (>= 0.5)
      mail (>= 2.5.4)
      mime-types (>= 1.16)
      nokogiri (>= 1.2)
      rest-client (>= 0.9)

GEM
  remote: https://rubygems.org/
  specs:
    archive-tar-minitar (0.5.2)
    colorize (0.5.8)
    diff-lcs (1.1.3)
    mail (2.5.4)
      mime-types (~> 1.16)
      treetop (~> 1.4.8)
    mime-types (1.25)
    mini_portile (0.5.1)
    nokogiri (1.6.0)
      mini_portile (~> 0.5.0)
    polyglot (0.3.3)
    rest-client (1.6.7)
      mime-types (>= 1.16)
    rspec (2.9.0)
      rspec-core (~> 2.9.0)
      rspec-expectations (~> 2.9.0)
      rspec-mocks (~> 2.9.0)
    rspec-core (2.9.0)
    rspec-expectations (2.9.1)
      diff-lcs (~> 1.1.3)
    rspec-mocks (2.9.0)
    treetop (1.4.15)
      polyglot
      polyglot (>= 0.3.1)

PLATFORMS
  ruby

DEPENDENCIES
  colorize
  rspec
  rt-client!
