PATH
  remote: .
  specs:
    rt-client (0.5.0)
      archive-tar-minitar (>= 0.5)
      mime-types (>= 1.16)
      nokogiri (>= 1.2)
      rest-client (>= 0.9)
      tmail (= 1.2.7.1)

GEM
  remote: https://rubygems.org/
  specs:
    archive-tar-minitar (0.5.2)
    colorize (0.5.8)
    diff-lcs (1.1.3)
    hoe (3.3.1)
      rake (>= 0.8, < 11.0)
    mime-types (1.25)
    nokogiri (1.5.9)
    rake (10.0.3)
    rcov (1.0.0)
    rest-client (1.6.7)
      mime-types (>= 1.16)
    rspec (2.9.0)
      rspec-core (~> 2.9.0)
      rspec-expectations (~> 2.9.0)
      rspec-mocks (~> 2.9.0)
    rspec-core (2.9.0)
    rspec-expectations (2.9.1)
      diff-lcs (~> 1.1.3)
    rspec-mocks (2.9.0)
    tmail (1.2.7.1)

PLATFORMS
  ruby

DEPENDENCIES
  colorize
  hoe (>= 1.9.0)
  rcov (>= 0.8)
  rspec
  rt-client!
