PATH
  remote: .
  specs:
    roust (1.0.0)
      archive-tar-minitar (>= 0.5)
      mail (>= 2.5.4)
      mime-types (>= 1.16)
      nokogiri (>= 1.2)
      rest-client (>= 0.9)

GEM
  remote: https://rubygems.org/
  specs:
    addressable (2.3.5)
    archive-tar-minitar (0.5.2)
    colorize (0.5.8)
    crack (0.4.1)
      safe_yaml (~> 0.9.0)
    diff-lcs (1.1.3)
    mail (2.5.4)
      mime-types (~> 1.16)
      treetop (~> 1.4.8)
    mime-types (1.25)
    mini_portile (0.5.1)
    nokogiri (1.6.0)
      mini_portile (~> 0.5.0)
    polyglot (0.3.3)
    rake (10.1.0)
    rest-client (1.6.7)
      mime-types (>= 1.16)
    rspec (2.9.0)
      rspec-core (~> 2.9.0)
      rspec-expectations (~> 2.9.0)
      rspec-mocks (~> 2.9.0)
    rspec-core (2.9.0)
    rspec-expectations (2.9.1)
      diff-lcs (~> 1.1.3)
    rspec-mocks (2.9.0)
    safe_yaml (0.9.7)
    tmail (1.2.7.1)
    treetop (1.4.15)
      polyglot
      polyglot (>= 0.3.1)
    webmock (1.17.1)
      addressable (>= 2.2.7)
      crack (>= 0.3.2)

PLATFORMS
  ruby

DEPENDENCIES
  colorize
  rake
  roust!
  rspec
  tmail
  webmock
